GEM
  remote: http://rubygems.org/
  specs:
    bson (1.8.5)
    bson_ext (1.8.5)
      bson (~> 1.8.5)
    eventmachine (1.0.3)
    faye-websocket (0.5.0)
      eventmachine (>= 0.12.0)
      websocket-driver
    json (1.7.7)
    mongo (1.8.5)
      bson (~> 1.8.5)
    websocket-driver (0.1.0)

PLATFORMS
  ruby

DEPENDENCIES
  bson
  bson_ext
  faye-websocket
  json
  mongo
